GEM
  remote: https://rubygems.org/
  specs:
    backports (3.6.0)
    builder (3.2.2)
    columnize (0.8.9)
    debugger (1.6.8)
      columnize (>= 0.3.1)
      debugger-linecache (~> 1.2.0)
      debugger-ruby_core_source (~> 1.3.5)
    debugger-linecache (1.2.0)
    debugger-ruby_core_source (1.3.5)
    docile (1.1.5)
    highline (1.6.21)
    multi_json (1.10.1)
    nokogiri (1.5.5)
    rbvmomi (1.8.1)
      builder
      nokogiri (>= 1.4.1)
      trollop
    rvc (1.6.0)
      backports (>= 1.18.2)
      highline (>= 1.6.1)
      rbvmomi (>= 1.5.0)
      terminal-table (>= 1.4.2)
      trollop (>= 1.16.2)
      zip (>= 2.0.2)
    simplecov (0.9.0)
      docile (~> 1.1.0)
      multi_json
      simplecov-html (~> 0.8.0)
    simplecov-html (0.8.0)
    terminal-table (1.4.5)
    timecop (0.7.1)
    trollop (2.0)
    zip (2.0.2)

PLATFORMS
  ruby

DEPENDENCIES
  debugger
  nokogiri (= 1.5.5)
  rbvmomi
  rvc (= 1.6.0)
  simplecov
  timecop
